GIT
  remote: https://github.com/SamSaffron/annotate_models.git
  revision: ebe4ba7e3f6ceeb43e4e40078da2b261a1bb71b2
  specs:
    annotate (2.6.0.beta1)
      activerecord (>= 2.3.0)
      rake (>= 0.8.7)

GIT
  remote: https://github.com/emberjs/ember-rails.git
  revision: 57bbe3202725e55a8e4eaccba83d663b26bcf024
  ref: 57bbe32
  specs:
    ember-rails (0.10.1)
      active_model_serializers
      barber
      execjs (>= 1.2)
      railties (>= 3.1)

GIT
  remote: https://github.com/rails-api/active_model_serializers.git
  revision: 8ac4bf90067eef442a6208848f86e55892d724f1
  specs:
    active_model_serializers (0.8.1)
      activemodel (>= 3.2)

GEM
  remote: https://rubygems.org/
  specs:
    actionmailer (4.0.0)
      actionpack (= 4.0.0)
      mail (~> 2.5.3)
    actionpack (4.0.0)
      activesupport (= 4.0.0)
      builder (~> 3.1.0)
      erubis (~> 2.7.0)
      rack (~> 1.5.2)
      rack-test (~> 0.6.2)
    activemodel (4.0.0)
      activesupport (= 4.0.0)
      builder (~> 3.1.0)
    activerecord (4.0.0)
      activemodel (= 4.0.0)
      activerecord-deprecated_finders (~> 1.0.2)
      activesupport (= 4.0.0)
      arel (~> 4.0.0)
    activerecord-deprecated_finders (1.0.3)
    activesupport (4.0.0)
      i18n (~> 0.6, >= 0.6.4)
      minitest (~> 4.2)
      multi_json (~> 1.3)
      thread_safe (~> 0.1)
      tzinfo (~> 0.3.37)
    arel (4.0.0)
    atomic (1.1.12)
    barber (0.3.0)
      execjs
    bcrypt-ruby (3.1.1)
    better_errors (0.9.0)
      coderay (>= 1.0.0)
      erubis (>= 2.6.6)
    binding_of_caller (0.7.2)
      debug_inspector (>= 0.0.1)
    builder (3.1.4)
    certified (0.1.1)
    childprocess (0.3.9)
      ffi (~> 1.0, >= 1.0.11)
    coderay (1.0.9)
    coffee-rails (4.0.0)
      coffee-script (>= 2.2.0)
      railties (>= 4.0.0.beta, < 5.0)
    coffee-script (2.2.0)
      coffee-script-source
      execjs
    coffee-script-source (1.6.3)
    debug_inspector (0.0.2)
    devise (3.0.1)
      bcrypt-ruby (~> 3.0)
      orm_adapter (~> 0.1)
      railties (>= 3.2.6, < 5)
      warden (~> 1.2.3)
    diff-lcs (1.2.4)
    ember-source (1.0.0.rc6.4)
      handlebars-source (= 1.0.12)
    erubis (2.7.0)
    execjs (1.4.0)
      multi_json (~> 1.0)
    fabrication (2.7.2)
    ffi (1.9.0)
    formatador (0.2.4)
    given_core (3.1.0)
      sorcerer (>= 0.3.7)
    guard (1.8.2)
      formatador (>= 0.2.4)
      listen (>= 1.0.0)
      lumberjack (>= 1.0.2)
      pry (>= 0.9.10)
      thor (>= 0.14.6)
    guard-jasmine (1.17.0)
      childprocess
      guard (>= 1.1.0)
      multi_json
      thor
      tilt
    guard-jshint-on-rails (0.0.2)
      guard (>= 1.0.0)
      jshint_on_rails (>= 1.0.2)
    guard-rspec (3.0.2)
      guard (>= 1.8)
      rspec (~> 2.13)
    guard-spork (1.5.1)
      childprocess (>= 0.2.3)
      guard (>= 1.1)
      spork (>= 0.8.4)
    handlebars-source (1.0.12)
    highline (1.6.19)
    hike (1.2.3)
    i18n (0.6.4)
    jbuilder (1.0.2)
      activesupport (>= 3.0.0)
    jquery-rails (3.0.4)
      railties (>= 3.0, < 5.0)
      thor (>= 0.14, < 2.0)
    jshint_on_rails (1.0.3)
    json (1.8.0)
    librarian (0.1.0)
      highline
      thor (~> 0.15)
    listen (1.2.2)
      rb-fsevent (>= 0.9.3)
      rb-inotify (>= 0.9)
      rb-kqueue (>= 0.2)
    lumberjack (1.0.4)
    mail (2.5.4)
      mime-types (~> 1.16)
      treetop (~> 1.4.8)
    metaclass (0.0.1)
    method_source (0.8.2)
    mime-types (1.23)
    minitest (4.7.5)
    mocha (0.14.0)
      metaclass (~> 0.0.1)
    multi_json (1.7.8)
    orm_adapter (0.4.0)
    polyglot (0.3.3)
    pry (0.9.12.2)
      coderay (~> 1.0.5)
      method_source (~> 0.8)
      slop (~> 3.4)
    pry-rails (0.3.2)
      pry (>= 0.9.10)
    rack (1.5.2)
    rack-test (0.6.2)
      rack (>= 1.0)
    rails (4.0.0)
      actionmailer (= 4.0.0)
      actionpack (= 4.0.0)
      activerecord (= 4.0.0)
      activesupport (= 4.0.0)
      bundler (>= 1.3.0, < 2.0)
      railties (= 4.0.0)
      sprockets-rails (~> 2.0.0)
    railties (4.0.0)
      actionpack (= 4.0.0)
      activesupport (= 4.0.0)
      rake (>= 0.8.7)
      thor (>= 0.18.1, < 2.0)
    rake (10.1.0)
    rb-fsevent (0.9.3)
    rb-inotify (0.9.0)
      ffi (>= 0.5.0)
    rb-kqueue (0.2.0)
      ffi (>= 0.5.0)
    rdoc (3.12.2)
      json (~> 1.4)
    rspec (2.14.1)
      rspec-core (~> 2.14.0)
      rspec-expectations (~> 2.14.0)
      rspec-mocks (~> 2.14.0)
    rspec-core (2.14.4)
    rspec-expectations (2.14.0)
      diff-lcs (>= 1.1.3, < 2.0)
    rspec-given (3.1.0)
      given_core (= 3.1.0)
      rspec (>= 2.12)
    rspec-mocks (2.14.2)
    rspec-rails (2.14.0)
      actionpack (>= 3.0)
      activesupport (>= 3.0)
      railties (>= 3.0)
      rspec-core (~> 2.14.0)
      rspec-expectations (~> 2.14.0)
      rspec-mocks (~> 2.14.0)
    sass (3.2.10)
    sass-rails (4.0.0)
      railties (>= 4.0.0.beta, < 5.0)
      sass (>= 3.1.10)
      sprockets-rails (~> 2.0.0)
    sdoc (0.3.20)
      json (>= 1.1.3)
      rdoc (~> 3.10)
    shoulda (3.5.0)
      shoulda-context (~> 1.0, >= 1.0.1)
      shoulda-matchers (>= 1.4.1, < 3.0)
    shoulda-context (1.1.4)
    shoulda-matchers (2.2.0)
      activesupport (>= 3.0.0)
    simplecov (0.7.1)
      multi_json (~> 1.0)
      simplecov-html (~> 0.7.1)
    simplecov-html (0.7.1)
    slop (3.4.6)
    sorcerer (1.0.2)
    spork (0.9.2)
    sprockets (2.10.0)
      hike (~> 1.2)
      multi_json (~> 1.0)
      rack (~> 1.0)
      tilt (~> 1.1, != 1.3.0)
    sprockets-rails (2.0.0)
      actionpack (>= 3.0)
      activesupport (>= 3.0)
      sprockets (~> 2.8)
    sqlite3 (1.3.7)
    terminal-notifier-guard (1.5.3)
    thor (0.18.1)
    thread_safe (0.1.2)
      atomic
    tilt (1.4.1)
    timecop (0.6.3)
    treetop (1.4.14)
      polyglot
      polyglot (>= 0.3.1)
    turbolinks (1.3.0)
      coffee-rails
    tzinfo (0.3.37)
    uglifier (2.1.2)
      execjs (>= 0.3.0)
      multi_json (~> 1.0, >= 1.0.2)
    warden (1.2.3)
      rack (>= 1.0)

PLATFORMS
  ruby

DEPENDENCIES
  active_model_serializers!
  annotate!
  barber (= 0.3.0)
  better_errors
  binding_of_caller
  certified
  coffee-rails (~> 4.0.0)
  devise
  ember-rails!
  ember-source (= 1.0.0.rc6.4)
  fabrication
  guard-jasmine
  guard-jshint-on-rails
  guard-rspec
  guard-spork
  jbuilder (~> 1.0.1)
  jquery-rails
  jshint_on_rails
  librarian (>= 0.0.25)
  listen
  mocha
  pry-rails
  rails (= 4.0.0)
  rb-fsevent
  rb-inotify (~> 0.9)
  rspec-given
  rspec-rails (~> 2.0)
  sass-rails (~> 4.0.0)
  sdoc
  shoulda
  simplecov
  sqlite3
  terminal-notifier-guard
  timecop
  turbolinks
  uglifier (>= 1.3.0)
